GEM
  remote: http://rubygems.org/
  specs:
    haml (3.1.4)
    httpclient (2.2.4)
    json (1.6.5)
    multi_json (1.0.4)
    pusher (0.9.1)
      multi_json (~> 1.0)
      ruby-hmac (~> 0.4.0)
      signature (~> 0.1.2)
    rack (1.4.1)
    rack-protection (1.2.0)
      rack
    ruby-hmac (0.4.0)
    sass (3.1.12)
    signature (0.1.2)
      ruby-hmac
    sinatra (1.3.2)
      rack (~> 1.3, >= 1.3.6)
      rack-protection (~> 1.2)
      tilt (~> 1.3, >= 1.3.3)
    sinatra-static-assets (1.0.2)
      sinatra (>= 1.1.0)
    tilt (1.3.3)

PLATFORMS
  ruby

DEPENDENCIES
  haml
  httpclient
  json
  pusher
  sass
  sinatra
  sinatra-static-assets
